GEM
  remote: https://rubygems.org/
  specs:
    activesupport (7.2.2)
      base64
      benchmark (>= 0.3)
      bigdecimal
      concurrent-ruby (~> 1.0, >= 1.3.1)
      connection_pool (>= 2.2.5)
      drb
      i18n (>= 1.6, < 2)
      logger (>= 1.4.2)
      minitest (>= 5.1)
      securerandom (>= 0.3)
      tzinfo (~> 2.0, >= 2.0.5)
    addressable (2.8.7)
      public_suffix (>= 2.0.2, < 7.0)
    array_include_methods (1.5.1)
    awesome_print (1.9.2)
    base64 (0.2.0)
    benchmark (0.4.0)
    bigdecimal (3.1.8-java)
    builder (3.3.0)
    concurrent-ruby (1.3.4)
    connection_pool (2.4.1)
    descendants_tracker (0.0.4)
      thread_safe (~> 0.3, >= 0.3.1)
    diff-lcs (1.5.1)
    docile (1.4.1)
    drb (2.2.1)
    equalizer (0.0.11)
    facets (3.1.0)
    faraday (1.10.4)
      faraday-em_http (~> 1.0)
      faraday-em_synchrony (~> 1.0)
      faraday-excon (~> 1.1)
      faraday-httpclient (~> 1.0)
      faraday-multipart (~> 1.0)
      faraday-net_http (~> 1.0)
      faraday-net_http_persistent (~> 1.0)
      faraday-patron (~> 1.0)
      faraday-rack (~> 1.0)
      faraday-retry (~> 1.0)
      ruby2_keywords (>= 0.0.4)
    faraday-em_http (1.0.0)
    faraday-em_synchrony (1.0.0)
    faraday-excon (1.1.0)
    faraday-httpclient (1.0.1)
    faraday-multipart (1.0.4)
      multipart-post (~> 2)
    faraday-net_http (1.0.2)
    faraday-net_http_persistent (1.2.0)
    faraday-patron (1.0.0)
    faraday-rack (1.0.0)
    faraday-retry (1.0.3)
    git (2.3.1)
      activesupport (>= 5.0)
      addressable (~> 2.8)
      process_executer (~> 1.1)
      rchardet (~> 1.8)
    github_api (0.19.0)
      addressable (~> 2.4)
      descendants_tracker (~> 0.0.4)
      faraday (>= 0.8, < 2)
      hashie (~> 3.5, >= 3.5.2)
      oauth2 (~> 1.0)
    glimmer (2.7.9)
      array_include_methods (>= 1.4.0, < 1.6.0)
      facets (>= 3.1.0, < 4.0.0)
    glimmer-cp-stickfigure (0.1.1)
      glimmer-dsl-swt (>= 4.18.7.5, < 5.0.0.0)
    glimmer-dsl-swt (4.30.0.0)
      concurrent-ruby (>= 1.1.7, < 2.0.0)
      glimmer (~> 2.7.4)
      jruby-win32ole (>= 0.8.5, < 2.0.0)
      matrix (>= 0.3.0, < 2.0.0)
      nested_inherited_jruby_include_package (>= 0.3.0, < 2.0.0)
      os (>= 1.0.0, < 2.0.0)
      puts_debuggerer (>= 0.13.0, < 2.0.0)
      rake (>= 13.0.0)
      rake-tui (>= 0.2.3, < 2.0.0)
      rouge (>= 3.26.0, < 4.0.0)
      super_module (>= 1.4.1, < 2.0.0)
      text-table (>= 1.2.4, < 2.0.0)
    hashie (3.6.0)
    highline (3.1.1)
      reline
    i18n (1.14.6)
      concurrent-ruby (~> 1.0)
    io-console (0.7.2-java)
    jar-dependencies (0.4.1)
    jruby-jars (9.4.9.0)
    jruby-rack (1.2.2)
    jruby-win32ole (0.8.5)
    juwelier (2.4.9)
      builder
      bundler
      git
      github_api
      highline
      kamelcase (~> 0)
      nokogiri
      psych
      rake
      rdoc
      semver2
    jwt (2.9.3)
      base64
    kamelcase (0.0.2)
      semver2 (~> 3)
    logger (1.6.1)
    matrix (0.4.2)
    method_source (1.1.0)
    minitest (5.25.1)
    multi_json (1.15.0)
    multi_xml (0.7.1)
      bigdecimal (~> 3.1)
    multipart-post (2.4.1)
    nested_inherited_jruby_include_package (0.3.0)
    nokogiri (1.16.7-java)
      racc (~> 1.4)
    oauth2 (1.4.11)
      faraday (>= 0.17.3, < 3.0)
      jwt (>= 1.0, < 3.0)
      multi_json (~> 1.3)
      multi_xml (~> 0.5)
      rack (>= 1.2, < 4)
    os (1.1.4)
    pastel (0.8.0)
      tty-color (~> 0.5)
    process_executer (1.2.0)
    psych (5.2.0-java)
      jar-dependencies (>= 0.1.7)
    public_suffix (6.0.1)
    puts_debuggerer (1.0.1)
      awesome_print (~> 1.9.2)
    racc (1.8.1-java)
    rack (3.1.8)
    rake (13.2.1)
    rake-tui (0.2.3)
      tty-prompt
    rchardet (1.8.0)
    rdoc (6.7.0)
      psych (>= 4.0.0)
    reline (0.5.11)
      io-console (~> 0.5)
    rouge (3.30.0)
    rspec (3.5.0)
      rspec-core (~> 3.5.0)
      rspec-expectations (~> 3.5.0)
      rspec-mocks (~> 3.5.0)
    rspec-core (3.5.4)
      rspec-support (~> 3.5.0)
    rspec-expectations (3.5.0)
      diff-lcs (>= 1.2.0, < 2.0)
      rspec-support (~> 3.5.0)
    rspec-mocks (3.5.0)
      diff-lcs (>= 1.2.0, < 2.0)
      rspec-support (~> 3.5.0)
    rspec-support (3.5.0)
    ruby2_keywords (0.0.5)
    rubyzip (1.3.0)
    securerandom (0.3.2)
    semver2 (3.4.2)
    simplecov (0.22.0)
      docile (~> 1.1)
      simplecov-html (~> 0.11)
      simplecov_json_formatter (~> 0.1)
    simplecov-html (0.13.1)
    simplecov_json_formatter (0.1.4)
    strategic (0.9.1)
    super_module (1.4.2)
      method_source (>= 0.8.2, < 2.0.0)
    text-table (1.2.4)
    thread_safe (0.3.6-java)
    tty-color (0.6.0)
    tty-cursor (0.7.1)
    tty-prompt (0.23.1)
      pastel (~> 0.8)
      tty-reader (~> 0.8)
    tty-reader (0.9.0)
      tty-cursor (~> 0.7)
      tty-screen (~> 0.8)
      wisper (~> 2.0)
    tty-screen (0.8.2)
    tzinfo (2.0.6)
      concurrent-ruby (~> 1.0)
    warbler (2.0.5)
      jruby-jars (>= 9.0.0.0)
      jruby-rack (>= 1.1.1, < 1.3)
      rake (>= 10.1.0)
      rubyzip (~> 1.0, < 1.4)
    wisper (2.0.1)

PLATFORMS
  universal-java-1.8
  universal-java-21

DEPENDENCIES
  equalizer (~> 0.0.11)
  glimmer-cp-stickfigure (~> 0.1.1)
  glimmer-dsl-swt (~> 4.30.0.0)
  juwelier (= 2.4.9)
  rspec (~> 3.5.0)
  simplecov
  strategic (~> 0.9.0)
  warbler (= 2.0.5)

BUNDLED WITH
   2.4.19
